GEM
  remote: https://rubygems.org/
  specs:
    activemodel (5.0.0)
      activesupport (= 5.0.0)
    activerecord (5.0.0)
      activemodel (= 5.0.0)
      activesupport (= 5.0.0)
      arel (~> 7.0)
    activesupport (5.0.0)
      concurrent-ruby (~> 1.0, >= 1.0.2)
      i18n (~> 0.7)
      minitest (~> 5.1)
      tzinfo (~> 1.1)
    arel (7.1.0)
    aws-sdk (2.4.3)
      aws-sdk-resources (= 2.4.3)
    aws-sdk-core (2.4.3)
      jmespath (~> 1.0)
    aws-sdk-resources (2.4.3)
      aws-sdk-core (= 2.4.3)
    backports (3.6.8)
    concurrent-ruby (1.0.2)
    foreman (0.82.0)
      thor (~> 0.19.1)
    i18n (0.7.0)
    jmespath (1.3.1)
    json (2.0.1)
    jwt (1.5.4)
    minitest (5.9.0)
    multi_json (1.12.1)
    pg (0.18.4-x86-mingw32)
    puma (3.4.0)
    rack (1.6.4)
    rack-protection (1.5.3)
      rack
    rack-test (0.6.3)
      rack (>= 1.0)
    rake (11.2.2)
    redis (3.3.1)
    rmagick (2.15.4)
    sinatra (1.4.7)
      rack (~> 1.5)
      rack-protection (~> 1.4)
      tilt (>= 1.3, < 3)
    sinatra-activerecord (2.0.10)
      activerecord (>= 3.2)
      sinatra (~> 1.0)
    sinatra-contrib (1.4.7)
      backports (>= 2.0)
      multi_json
      rack-protection
      rack-test
      sinatra (~> 1.4.0)
      tilt (>= 1.3, < 3)
    thor (0.19.1)
    thread_safe (0.3.5)
    tilt (2.0.5)
    tzinfo (1.2.2)
      thread_safe (~> 0.1)

PLATFORMS
  x86-mingw32

DEPENDENCIES
  activerecord
  aws-sdk (~> 2)
  foreman
  json
  jwt
  pg
  puma
  rake
  redis (~> 3.2)
  rmagick
  sinatra
  sinatra-activerecord
  sinatra-contrib

BUNDLED WITH
   1.12.5
